GIT
  remote: git://github.com/tibastral/dare.git
  revision: 46959d04317ee9275b02bc32fbeaad77d5ba1a36
  specs:
    dare (0.2.1)
      opal
      opal-jquery
      rake (= 10.4.2)
      thor (= 0.19.1)

GEM
  remote: https://rails-assets.org/
  specs:
    concurrent-ruby (1.0.1)
    hike (1.2.3)
    opal (0.9.2)
      hike (~> 1.2)
      sourcemap (~> 0.1.0)
      sprockets (~> 3.1)
      tilt (>= 1.4)
    opal-jquery (0.4.1)
      opal (>= 0.7.0, < 0.10.0)
    rack (1.6.4)
    rails-assets-jquery (2.2.2)
    rake (10.4.2)
    sourcemap (0.1.1)
    sprockets (3.5.2)
      concurrent-ruby (~> 1.0)
      rack (> 1, < 3)
    thor (0.19.1)
    tilt (2.0.2)

PLATFORMS
  ruby

DEPENDENCIES
  dare!
  opal
  opal-jquery
  rails-assets-jquery!

BUNDLED WITH
   1.11.2
